NUGET
  remote: https://www.nuget.org/api/v2
  specs:
    FAKE (4.25.5)
    NUnit (2.6.4)
    NUnit.Runners (2.6.4)
    RavenDB.Bundles.UniqueConstraints (3.0.30115)
      RavenDB.Database (3.0.30115)
    RavenDB.Client (3.0.30115)
    RavenDB.Client.UniqueConstraints (3.0.30115)
      RavenDB.Client (3.0.30115) - framework: net10, net11, net20, net30, net35, net40, net40-full
    RavenDB.Database (3.0.30115)
      RavenDB.Client (3.0.30115)
    RavenDB.Tests.Helpers (3.0.30115)
      RavenDB.Database (3.0.30115)
    With (1.0.8)
